GEM
  remote: https://rubygems.org/
  specs:
    activemodel (4.2.1)
      activesupport (= 4.2.1)
      builder (~> 3.1)
    activerecord (4.2.1)
      activemodel (= 4.2.1)
      activesupport (= 4.2.1)
      arel (~> 6.0)
    activesupport (4.2.1)
      i18n (~> 0.7)
      json (~> 1.7, >= 1.7.7)
      minitest (~> 5.1)
      thread_safe (~> 0.3, >= 0.3.4)
      tzinfo (~> 1.1)
    addressable (2.3.8)
    arel (6.0.0)
    autoparse (0.3.3)
      addressable (>= 2.3.1)
      extlib (>= 0.9.15)
      multi_json (>= 1.0.0)
    buftok (0.2.0)
    builder (3.2.2)
    cache_local (0.0.1)
    childprocess (0.5.6)
      ffi (~> 1.0, >= 1.0.11)
    chronic (0.10.2)
    equalizer (0.0.11)
    extlib (0.9.16)
    faraday (0.9.1)
      multipart-post (>= 1.2, < 3)
    ffi (1.9.8)
    google-api-client (0.8.6)
      activesupport (>= 3.2)
      addressable (~> 2.3)
      autoparse (~> 0.3)
      extlib (~> 0.9)
      faraday (~> 0.9)
      googleauth (~> 0.3)
      launchy (~> 2.4)
      multi_json (~> 1.10)
      retriable (~> 1.4)
      signet (~> 0.6)
    google_drive (1.0.1)
      google-api-client (>= 0.7.0)
      nokogiri (>= 1.4.4, != 1.5.2, != 1.5.1)
      oauth (>= 0.3.6)
      oauth2 (>= 0.5.0)
    googleauth (0.4.1)
      faraday (~> 0.9)
      jwt (~> 1.4)
      logging (~> 2.0)
      memoist (~> 0.12)
      multi_json (= 1.11)
      signet (~> 0.6)
    headless (2.1.0)
    http (0.6.4)
      http_parser.rb (~> 0.6.0)
    http_parser.rb (0.6.0)
    i18n (0.7.0)
    json (1.8.3)
    jwt (1.5.0)
    launchy (2.4.3)
      addressable (~> 2.3)
    little-plugger (1.1.3)
    logging (2.0.0)
      little-plugger (~> 1.1)
      multi_json (~> 1.10)
    memoist (0.12.0)
    memoizable (0.4.2)
      thread_safe (~> 0.3, >= 0.3.1)
    mini_portile (0.6.2)
    minitest (5.7.0)
    multi_json (1.11.0)
    multi_xml (0.5.5)
    multipart-post (2.0.0)
    naught (1.0.0)
    nokogiri (1.6.6.2)
      mini_portile (~> 0.6.0)
    oauth (0.4.7)
    oauth2 (1.0.0)
      faraday (>= 0.8, < 0.10)
      jwt (~> 1.0)
      multi_json (~> 1.3)
      multi_xml (~> 0.5)
      rack (~> 1.2)
    rack (1.6.1)
    retriable (1.4.1)
    rubyzip (1.1.7)
    selenium-webdriver (2.45.0)
      childprocess (~> 0.5)
      multi_json (~> 1.0)
      rubyzip (~> 1.0)
      websocket (~> 1.0)
    signet (0.6.0)
      addressable (~> 2.3)
      extlib (~> 0.9)
      faraday (~> 0.9)
      jwt (~> 1.0)
      multi_json (~> 1.10)
    simple_oauth (0.3.1)
    thread_safe (0.3.5)
    twitter (5.14.0)
      addressable (~> 2.3)
      buftok (~> 0.2.0)
      equalizer (~> 0.0.9)
      faraday (~> 0.9.0)
      http (~> 0.6.0)
      http_parser.rb (~> 0.6.0)
      json (~> 1.8)
      memoizable (~> 0.4.0)
      naught (~> 1.0)
      simple_oauth (~> 0.3.0)
    tzinfo (1.2.2)
      thread_safe (~> 0.1)
    websocket (1.2.2)
    whenever (0.9.4)
      chronic (>= 0.6.3)

PLATFORMS
  ruby

DEPENDENCIES
  activerecord (= 4.2.1)
  cache_local (>= 0.0.1)
  google_drive (= 1.0.1)
  headless (>= 2.1.0)
  selenium-webdriver (>= 2.45.0)
  twitter (>= 5.14.0)
  whenever

BUNDLED WITH
   1.10.6
